PATH
  remote: .
  specs:
    hakiri (0.2.0)
      active_support
      commander
      i18n
      rest-client
      terminal-table

GEM
  remote: https://rubygems.org/
  specs:
    active_support (3.0.0)
      activesupport (= 3.0.0)
    activesupport (3.0.0)
    commander (4.1.3)
      highline (~> 1.6.11)
    highline (1.6.19)
    i18n (0.6.4)
    mime-types (1.23)
    rest-client (1.6.7)
      mime-types (>= 1.16)
    terminal-table (1.4.5)

PLATFORMS
  java
  ruby

DEPENDENCIES
  hakiri!
