PATH
  remote: .
  specs:
    hakiri (0.1.0)
      active_support
      commander
      http
      i18n
      terminal-table

GEM
  remote: https://rubygems.org/
  specs:
    active_support (3.0.0)
      activesupport (= 3.0.0)
    activesupport (3.0.0)
    certified (0.1.1)
    commander (4.1.3)
      highline (~> 1.6.11)
    highline (1.6.19)
    http (0.4.0)
      certified
      http_parser.rb
    http_parser.rb (0.5.3)
    i18n (0.6.4)
    terminal-table (1.4.5)

PLATFORMS
  java
  ruby

DEPENDENCIES
  hakiri!
